PATH
  remote: .
  specs:
    cxeed (0.3.7)
      selenium-webdriver
      thor

GEM
  remote: https://rubygems.org/
  specs:
    childprocess (3.0.0)
    diff-lcs (1.3)
    rake (13.0.6)
    rspec (3.6.0)
      rspec-core (~> 3.6.0)
      rspec-expectations (~> 3.6.0)
      rspec-mocks (~> 3.6.0)
    rspec-core (3.6.0)
      rspec-support (~> 3.6.0)
    rspec-expectations (3.6.0)
      diff-lcs (>= 1.2.0, < 2.0)
      rspec-support (~> 3.6.0)
    rspec-mocks (3.6.0)
      diff-lcs (>= 1.2.0, < 2.0)
      rspec-support (~> 3.6.0)
    rspec-support (3.6.0)
    rubyzip (2.0.0)
    selenium-webdriver (3.142.6)
      childprocess (>= 0.5, < 4.0)
      rubyzip (>= 1.2.2)
    thor (0.20.3)

PLATFORMS
  ruby

DEPENDENCIES
  bundler (~> 1.15)
  cxeed!
  rake (~> 13.0)
  rspec (~> 3.0)

BUNDLED WITH
   1.17.2
